GEM
  remote: https://rubygems.org/
  specs:
    qtbindings (4.8.3.0)
    rdebug (0.1)
    thor (0.18.1)

PLATFORMS
  ruby

DEPENDENCIES
  qtbindings
  rdebug
  thor
