PATH
  remote: .
  specs:
    qasim (0.1.10)

GEM
  remote: https://rubygems.org/
  specs:
    rake (10.3.2)

PLATFORMS
  ruby

DEPENDENCIES
  bundler (~> 1.5)
  qasim!
  rake
