PATH
  remote: .
  specs:
    qasim (0.1.10)
      qtbindings (~> 4.8.6.0)

GEM
  remote: https://rubygems.org/
  specs:
    qtbindings (4.8.6.0)
    rake (10.3.2)

PLATFORMS
  ruby

DEPENDENCIES
  bundler (~> 1.5)
  qasim!
  rake
